PATH
  remote: .
  specs:
    lyra (0.1.0)
      gli (~> 1.6.0)
      locale (~> 2.0.5)
      mb-discid (~> 0.1.5)
      rbrainz (~> 0.5.2)
      terminal-table (~> 1.4.5)

GEM
  remote: http://rubygems.org/
  specs:
    aruba (0.4.11)
      childprocess (>= 0.2.3)
      cucumber (>= 1.1.1)
      ffi (>= 1.0.11)
      rspec (>= 2.7.0)
    builder (3.0.0)
    childprocess (0.3.2)
      ffi (~> 1.0.6)
    coderay (1.0.6)
    cucumber (1.1.9)
      builder (>= 2.1.2)
      diff-lcs (>= 1.1.2)
      gherkin (~> 2.9.0)
      json (>= 1.4.6)
      term-ansicolor (>= 1.0.6)
    diff-lcs (1.1.3)
    ffi (1.0.11)
    gherkin (2.9.1)
      json (>= 1.4.6)
    gli (1.6.0)
    json (1.6.5)
    locale (2.0.5)
    mb-discid (0.1.5)
    method_source (0.7.1)
    pry (0.9.9.4)
      coderay (~> 1.0.5)
      method_source (~> 0.7.1)
      slop (>= 2.4.4, < 3)
    rbrainz (0.5.2)
    rspec (2.9.0)
      rspec-core (~> 2.9.0)
      rspec-expectations (~> 2.9.0)
      rspec-mocks (~> 2.9.0)
    rspec-core (2.9.0)
    rspec-expectations (2.9.1)
      diff-lcs (~> 1.1.3)
    rspec-mocks (2.9.0)
    slop (2.4.4)
    term-ansicolor (1.0.7)
    terminal-table (1.4.5)

PLATFORMS
  ruby

DEPENDENCIES
  aruba (= 0.4.11)
  cucumber (~> 1.1.9)
  lyra!
  pry (~> 0.9.9.4)
  rspec (~> 2.9.0)
